PATH
  remote: .
  specs:
    net_tcp_client (2.1.0)

GEM
  remote: http://rubygems.org/
  specs:
    awesome_print (1.8.0)
    bson (4.3.0)
    bson (4.3.0-java)
    concurrent-ruby (1.0.5)
    concurrent-ruby (1.0.5-java)
    minitest (5.11.3)
    rake (12.3.1)
    semantic_logger (4.3.0)
      concurrent-ruby (~> 1.0)

PLATFORMS
  java
  ruby

DEPENDENCIES
  awesome_print
  bson
  minitest
  net_tcp_client!
  rake
  semantic_logger

BUNDLED WITH
   1.16.3
